PATH
  remote: .
  specs:
    foreman_gridscale (1.3.0)
      fog-gridscale

GEM
  remote: https://rubygems.org/
  specs:
    ast (2.4.0)
    fog-gridscale (0.4.0)
    jaro_winkler (1.5.1)
    parallel (1.12.1)
    parser (2.5.1.2)
      ast (~> 2.4.0)
    powerpack (0.1.2)
    rainbow (3.0.0)
    rdoc (6.0.4)
    rubocop (0.58.2)
      jaro_winkler (~> 1.5.1)
      parallel (~> 1.10)
      parser (>= 2.5, != 2.5.1.1)
      powerpack (~> 0.1)
      rainbow (>= 2.2.2, < 4.0)
      ruby-progressbar (~> 1.7)
      unicode-display_width (~> 1.0, >= 1.0.1)
    ruby-progressbar (1.10.0)
    unicode-display_width (1.4.0)

PLATFORMS
  ruby

DEPENDENCIES
  foreman_gridscale!
  rdoc
  rubocop

BUNDLED WITH
   1.16.2
